GEM
  remote: https://rubygems.org/
  specs:
    chunky_png (1.3.5)
    concurrent-ruby (1.0.2)
    connection_pool (2.2.0)
    dcm2nii-ruby (0.0.1)
    fsl-ruby (0.0.1)
    mail (2.6.4)
      mime-types (>= 1.16, < 4)
    mime-types (3.1)
      mime-types-data (~> 3.2015)
    mime-types-data (3.2016.0521)
    narray (0.6.1.2)
    nifti (0.0.2)
    pdf-core (0.6.1)
    pony (1.11)
      mail (>= 2.0)
    prawn (2.1.0)
      pdf-core (~> 0.6.1)
      ttfunk (~> 1.4.0)
    rack (1.6.4)
    rack-protection (1.5.3)
      rack
    redis (3.3.0)
    rubyzip (1.2.0)
    sidekiq (4.1.2)
      concurrent-ruby (~> 1.0)
      connection_pool (~> 2.2, >= 2.2.0)
      redis (~> 3.2, >= 3.2.1)
    sinatra (1.4.7)
      rack (~> 1.5)
      rack-protection (~> 1.4)
      tilt (>= 1.3, < 3)
    tilt (2.0.5)
    ttfunk (1.4.0)

PLATFORMS
  ruby

DEPENDENCIES
  chunky_png
  dcm2nii-ruby
  fsl-ruby
  narray
  nifti
  pony
  prawn
  rubyzip
  sidekiq
  sinatra

BUNDLED WITH
   1.11.2
